PATH
  remote: .
  specs:
    jda (0.1.0)

GEM
  remote: https://rubygems.org/
  specs:
    minitest (5.8.3)
    rake (10.4.2)
    rr (1.1.2)

PLATFORMS
  ruby

DEPENDENCIES
  bundler (~> 1.10)
  jda!
  minitest
  rake (~> 10.0)
  rr

BUNDLED WITH
   1.11.2
